GEM
  remote: https://rubygems.org/
  specs:
    build (1.0.9)
      build-environment (~> 1.1.3)
      build-graph (~> 1.0.5)
      build-makefile (~> 1.0.0)
      graphviz
    build-environment (1.1.3)
    build-files (1.0.5)
    build-graph (1.0.5)
      build-files (~> 1.0.3)
      process-group (~> 1.1.0)
      rainbow (~> 2.0.0)
      system
    build-makefile (1.0.0)
      build-files (~> 1.0.0)
    facets (3.1.0)
    graphviz (0.3.0)
    mapping (1.0.0)
    process-group (1.1.0)
    rainbow (2.0.0)
    samovar (1.1.1)
      mapping (~> 1.0.0)
      rainbow (~> 2.0)
    system (0.1.3)
      version (~> 1.0.0)
    teapot (1.2.5)
      build (~> 1.0.9)
      build-files (~> 1.0.5)
      facets (~> 3.1.0)
      graphviz (~> 0.3.0)
      rainbow (~> 2.0)
      samovar (~> 1.1.0)
      system (~> 0.1.3)
    version (1.0.0)

PLATFORMS
  ruby

DEPENDENCIES
  teapot (~> 1.2)

BUNDLED WITH
   1.12.5
